GEM
  remote: http://rubygems.org/
  specs:
    abstract (1.0.0)
    actionmailer (3.0.6.rc2)
      actionpack (= 3.0.6.rc2)
      mail (~> 2.2.15)
    actionpack (3.0.6.rc2)
      activemodel (= 3.0.6.rc2)
      activesupport (= 3.0.6.rc2)
      builder (~> 2.1.2)
      erubis (~> 2.6.6)
      i18n (~> 0.5.0)
      rack (~> 1.2.1)
      rack-mount (~> 0.6.14)
      rack-test (~> 0.5.7)
      tzinfo (~> 0.3.23)
    activemodel (3.0.6.rc2)
      activesupport (= 3.0.6.rc2)
      builder (~> 2.1.2)
      i18n (~> 0.5.0)
    activerecord (3.0.6.rc2)
      activemodel (= 3.0.6.rc2)
      activesupport (= 3.0.6.rc2)
      arel (~> 2.0.2)
      tzinfo (~> 0.3.23)
    activeresource (3.0.6.rc2)
      activemodel (= 3.0.6.rc2)
      activesupport (= 3.0.6.rc2)
    activesupport (3.0.6.rc2)
    arel (2.0.9)
    bson (1.2.4)
    bson_ext (1.2.4)
    builder (2.1.2)
    calculated (0.1.6)
      activesupport (>= 3.0.0)
      hashie (~> 0.2.1)
      httparty (~> 0.6.1)
      i18n (>= 0.5)
      moneta (~> 0.6.0)
      tzinfo (~> 0.3.22)
    compass (0.10.6)
      haml (>= 3.0.4)
    crack (0.1.8)
    erubis (2.6.6)
      abstract (>= 1.0.0)
    fast-stemmer (1.0.0)
    haml (3.0.25)
    has_scope (0.5.0)
    hashie (0.2.2)
    httparty (0.6.1)
      crack (= 0.1.8)
    hunt (0.3)
      fast-stemmer (~> 1.0)
      mongo_mapper (~> 0.8.6)
    i18n (0.5.0)
    inherited_resources (1.2.1)
      has_scope (~> 0.5.0)
      responders (~> 0.6.0)
    jnunemaker-validatable (1.8.4)
      activesupport (>= 2.3.4)
    mail (2.2.15)
      activesupport (>= 2.3.6)
      i18n (>= 0.4.0)
      mime-types (~> 1.16)
      treetop (~> 1.4.8)
    mime-types (1.16)
    mocha (0.9.11)
      rake
    moneta (0.6.0)
    mongo (1.2.4)
      bson (>= 1.2.4)
    mongo_mapper (0.8.6)
      activesupport (>= 2.3.4)
      jnunemaker-validatable (~> 1.8.4)
      plucky (~> 0.3.6)
    mustache (0.99.3)
    nifty-generators (0.4.6)
    plucky (0.3.7)
      mongo (~> 1.1)
    polyglot (0.3.1)
    question_chain (0.0.1)
      calculated (>= 0.1.5)
      crack (>= 0.1.8)
      hashie (>= 0.2.1)
      hunt (~> 0.3.0)
      inherited_resources (~> 1.2.0)
      mongo_mapper (>= 0.8.1)
      mustache (>= 0.98.0)
      mustache (>= 0.98.0)
      rails (~> 3.0.0)
    rack (1.2.2)
    rack-mount (0.6.14)
      rack (>= 1.0.0)
    rack-test (0.5.7)
      rack (>= 1.0)
    rails (3.0.6.rc2)
      actionmailer (= 3.0.6.rc2)
      actionpack (= 3.0.6.rc2)
      activerecord (= 3.0.6.rc2)
      activeresource (= 3.0.6.rc2)
      activesupport (= 3.0.6.rc2)
      bundler (~> 1.0)
      railties (= 3.0.6.rc2)
    railties (3.0.6.rc2)
      actionpack (= 3.0.6.rc2)
      activesupport (= 3.0.6.rc2)
      rake (>= 0.8.7)
      thor (~> 0.14.4)
    rake (0.8.7)
    responders (0.6.2)
    thor (0.14.6)
    transitions (0.0.9)
    treetop (1.4.9)
      polyglot (>= 0.3.1)
    tzinfo (0.3.26)
    will_paginate (3.0.pre2)

PLATFORMS
  ruby

DEPENDENCIES
  bson_ext (= 1.2.4)
  compass
  haml
  hashie
  hunt (= 0.3)
  inherited_resources (= 1.2.1)
  mocha
  mongo_mapper (= 0.8.6)
  nifty-generators
  question_chain
  rails (= 3.0.6.rc2)
  transitions
  will_paginate (~> 3.0.beta)
